GEM
  remote: https://rubygems.org/
  specs:
    ffi (1.15.4)
    sassc (2.4.0)
      ffi (~> 1.9)

PLATFORMS
  arm64-darwin-20

DEPENDENCIES
  sassc (~> 2.4)

BUNDLED WITH
   2.2.22
